PATH
  remote: .
  specs:
    sexxy-emails (0.0.3)
      css_parser
      nokogiri
      rdoc

GEM
  remote: http://rubygems.org/
  specs:
    actionmailer (3.2.8)
      actionpack (= 3.2.8)
      mail (~> 2.4.4)
    actionpack (3.2.8)
      activemodel (= 3.2.8)
      activesupport (= 3.2.8)
      builder (~> 3.0.0)
      erubis (~> 2.7.0)
      journey (~> 1.0.4)
      rack (~> 1.4.0)
      rack-cache (~> 1.2)
      rack-test (~> 0.6.1)
      sprockets (~> 2.1.3)
    activemodel (3.2.8)
      activesupport (= 3.2.8)
      builder (~> 3.0.0)
    activerecord (3.2.8)
      activemodel (= 3.2.8)
      activesupport (= 3.2.8)
      arel (~> 3.0.2)
      tzinfo (~> 0.3.29)
    activeresource (3.2.8)
      activemodel (= 3.2.8)
      activesupport (= 3.2.8)
    activesupport (3.2.8)
      i18n (~> 0.6)
      multi_json (~> 1.0)
    addressable (2.3.2)
    arel (3.0.2)
    builder (3.0.4)
    coderay (1.0.8)
    css_parser (1.2.6)
      addressable
      rdoc
    diff-lcs (1.1.3)
    erubis (2.7.0)
    grit (2.5.0)
      diff-lcs (~> 1.1)
      mime-types (~> 1.15)
      posix-spawn (~> 0.3.6)
    hashr (0.0.22)
    hike (1.2.1)
    http_router (0.7.10)
      rack (>= 1.0.0)
      url_mount (~> 0.2.1)
    i18n (0.6.1)
    journey (1.0.4)
    json (1.7.5)
    mail (2.4.4)
      i18n (>= 0.4.0)
      mime-types (~> 1.16)
      treetop (~> 1.4.8)
    metaclass (0.0.1)
    method_source (0.8.1)
    mime-types (1.19)
    minitest (4.0.0)
    mocha (0.12.7)
      metaclass (~> 0.0.1)
    multi_json (1.3.7)
    nokogiri (1.5.5)
    padrino (0.9.29)
      padrino-admin (= 0.9.29)
      padrino-cache (= 0.9.29)
      padrino-core (= 0.9.29)
      padrino-gen (= 0.9.29)
      padrino-helpers (= 0.9.29)
      padrino-mailer (= 0.9.29)
    padrino-admin (0.9.29)
      padrino-core (= 0.9.29)
      padrino-helpers (= 0.9.29)
    padrino-cache (0.9.29)
      padrino-core (= 0.9.29)
    padrino-core (0.9.29)
      activesupport (>= 3.0.0)
      http_router (~> 0.7.8)
      sinatra (~> 1.2.6)
      thor (>= 0.14.3)
      tilt (~> 1.3.0)
    padrino-gen (0.9.29)
      bundler (>= 1.0.2)
      grit
      padrino-core (= 0.9.29)
    padrino-helpers (0.9.29)
      i18n (>= 0.4.1)
      padrino-core (= 0.9.29)
    padrino-mailer (0.9.29)
      mail (>= 2.2.0)
      padrino-core (= 0.9.29)
    polyglot (0.3.3)
    posix-spawn (0.3.6)
    pry (0.9.10)
      coderay (~> 1.0.5)
      method_source (~> 0.8)
      slop (~> 3.3.1)
    pry-nav (0.2.2)
      pry (~> 0.9.10)
    rack (1.4.1)
    rack-cache (1.2)
      rack (>= 0.4)
    rack-ssl (1.3.2)
      rack
    rack-test (0.6.2)
      rack (>= 1.0)
    rails (3.2.8)
      actionmailer (= 3.2.8)
      actionpack (= 3.2.8)
      activerecord (= 3.2.8)
      activeresource (= 3.2.8)
      activesupport (= 3.2.8)
      bundler (~> 1.0)
      railties (= 3.2.8)
    railties (3.2.8)
      actionpack (= 3.2.8)
      activesupport (= 3.2.8)
      rack-ssl (~> 1.3.2)
      rake (>= 0.8.7)
      rdoc (~> 3.4)
      thor (>= 0.14.6, < 2.0)
    rake (0.9.2.2)
    rdoc (3.12)
      json (~> 1.4)
    sinatra (1.2.8)
      rack (~> 1.1)
      tilt (>= 1.2.2, < 2.0)
    slop (3.3.3)
    sprockets (2.1.3)
      hike (~> 1.2)
      rack (~> 1.0)
      tilt (~> 1.1, != 1.3.0)
    thor (0.16.0)
    tilt (1.3.3)
    travis-lint (1.4.0)
      hashr (>= 0.0.19)
    treetop (1.4.12)
      polyglot
      polyglot (>= 0.3.1)
    tzinfo (0.3.35)
    url_mount (0.2.1)
      rack

PLATFORMS
  ruby

DEPENDENCIES
  minitest (= 4.0.0)
  mocha
  padrino
  pry
  pry-nav
  rails (>= 3.0.0)
  rake
  sexxy-emails!
  travis-lint
